GEM
  remote: http://rubygems.org/
  specs:
    addressable (2.2.1)
    data_objects (0.10.2)
      addressable (~> 2.1)
    dm-core (1.0.2)
      addressable (~> 2.2)
      extlib (~> 0.9.15)
    dm-do-adapter (1.0.2)
      data_objects (~> 0.10.2)
      dm-core (~> 1.0.2)
    dm-migrations (1.0.2)
      dm-core (~> 1.0.2)
    dm-sqlite-adapter (1.0.2)
      dm-do-adapter (~> 1.0.2)
      do_sqlite3 (~> 0.10.2)
    do_sqlite3 (0.10.2)
      data_objects (= 0.10.2)
    extlib (0.9.15)
    haml (3.0.18)
    json_pure (1.4.6)
    mustache (0.11.2)
    rack (1.2.1)
    sinatra (1.0)
      rack (>= 1.0)
    sqlite3-ruby (1.3.1)

PLATFORMS
  ruby

DEPENDENCIES
  dm-core
  dm-do-adapter (>= 1.0.0)
  dm-migrations (>= 1.0.0)
  dm-sqlite-adapter (>= 1.0.0)
  do_sqlite3
  haml
  json_pure
  mustache
  sinatra
  sqlite3-ruby
